GEM
  remote: https://rubygems.org/
  specs:
    concurrent-ruby (1.1.9)
    connection_pool (2.2.5)
    e2mmap (0.1.0)
    et-orbi (1.2.4)
      tzinfo
    fugit (1.5.0)
      et-orbi (~> 1.1, >= 1.1.8)
      raabro (~> 1.4)
    raabro (1.4.0)
    rack (2.2.3)
    rack-protection (2.1.0)
      rack
    redis (4.3.1)
    redis-namespace (1.6.0)
      redis (>= 3.0.4)
    rufus-scheduler (3.8.0)
      fugit (~> 1.1, >= 1.1.6)
    sidekiq (5.0.5)
      concurrent-ruby (~> 1.0)
      connection_pool (~> 2.2, >= 2.2.0)
      rack-protection (>= 1.5.0)
      redis (>= 3.3.4, < 5)
    sidekiq-scheduler (2.1.10)
      redis (>= 3, < 5)
      rufus-scheduler (~> 3.2)
      sidekiq (>= 3)
      tilt (>= 1.4.0)
    thwait (0.2.0)
      e2mmap
    tilt (2.0.10)
    tzinfo (2.0.4)
      concurrent-ruby (~> 1.0)

PLATFORMS
  ruby

DEPENDENCIES
  e2mmap
  redis-namespace (= 1.6.0)
  sidekiq (= 5.0.5)
  sidekiq-scheduler (= 2.1.10)
  thwait

BUNDLED WITH
   1.17.3
